GEM
  remote: http://rubygems.org/
  specs:
    diff-lcs (1.1.3)
    gherkin (2.5.4)
      json (>= 1.4.6)
    json (1.6.1)
    rspec (2.7.0)
      rspec-core (~> 2.7.0)
      rspec-expectations (~> 2.7.0)
      rspec-mocks (~> 2.7.0)
    rspec-core (2.7.1)
    rspec-expectations (2.7.0)
      diff-lcs (~> 1.1.2)
    rspec-mocks (2.7.0)
    turnip (0.1.1)
      gherkin
      rspec (~> 2.0)

PLATFORMS
  ruby

DEPENDENCIES
  gherkin
  rspec
  turnip
